PATH
  remote: .
  specs:
    excon (0.25.3)

GEM
  remote: http://rubygems.org/
  specs:
    activesupport (3.2.6)
      i18n (~> 0.6)
      multi_json (~> 1.0)
    bouncy-castle-java (1.5.0147)
    chronic (0.6.7)
    delorean (2.0.0)
      chronic
    eventmachine (1.0.0)
    eventmachine (1.0.0-java)
    formatador (0.2.3)
    i18n (0.6.0)
    jruby-openssl (0.8.8)
      bouncy-castle-java (>= 1.5.0147)
    json (1.7.3)
    json (1.7.3-java)
    multi_json (1.3.6)
    open4 (1.3.0)
    rack (1.4.1)
    rack-protection (1.2.0)
      rack
    rake (0.9.2.2)
    rdoc (3.12)
      json (~> 1.4)
    shindo (0.3.4)
      formatador (>= 0.1.1)
    sinatra (1.3.2)
      rack (~> 1.3, >= 1.3.6)
      rack-protection (~> 1.2)
      tilt (~> 1.3, >= 1.3.3)
    tilt (1.3.3)

PLATFORMS
  java
  ruby

DEPENDENCIES
  activesupport
  delorean
  eventmachine
  excon!
  jruby-openssl
  open4
  rake
  rdoc
  shindo
  sinatra
